GEM
  remote: https://rubygems.org/
  specs:
    rake (11.2.2)
    sass (3.4.22)
    sass-css-importer (1.0.0.beta.0)
      sass (>= 3.1)
    scss_lint (0.49.0)
      rake (>= 0.9, < 12)
      sass (~> 3.4.20)

PLATFORMS
  ruby

DEPENDENCIES
  sass (~> 3.4, >= 3.4.22)
  sass-css-importer (~> 1.0.0.beta.0)
  scss_lint

BUNDLED WITH
   1.12.5
